PATH
  remote: .
  specs:
    rspec-http-fixtures (0.1.0)
      byebug
      rake

GEM
  remote: https://rubygems.org/
  specs:
    byebug (11.1.3)
    rake (13.2.1)

PLATFORMS
  arm64-darwin-21
  arm64-darwin-23

DEPENDENCIES
  rspec-http-fixtures!

BUNDLED WITH
   2.4.20
